GEM
  remote: https://rubygems.org/
  specs:
    edn (1.1.1)

PLATFORMS
  ruby

DEPENDENCIES
  edn

BUNDLED WITH
   2.0.1
